GEM
  remote: https://rubygems.org/
  specs:
    coderay (1.1.0)
    concurrent-ruby (1.2.2)
    connection_pool (2.4.0)
    ffi (1.9.3)
    hooks (0.4.0)
      uber (~> 0.0.4)
    method_source (0.8.2)
    pry (0.9.12.6)
      coderay (~> 1.0)
      method_source (~> 0.8)
      slop (~> 3.4)
    rack (3.0.7)
    rake (10.2.2)
    rbind (0.0.24)
      ffi (>= 1.9.0)
      hooks (>= 0.3.1)
    redis-client (0.14.1)
      connection_pool
    ropencv (0.0.15)
      ffi (~> 1.9.0)
      rbind (>= 0.0.24)
    sidekiq (7.0.8)
      concurrent-ruby (< 2)
      connection_pool (>= 2.3.0)
      rack (>= 2.2.4)
      redis-client (>= 0.11.0)
    slop (3.5.0)
    uber (0.0.4)

PLATFORMS
  ruby

DEPENDENCIES
  pry
  rake
  ropencv
  sidekiq (>= 7.0.8)

BUNDLED WITH
   2.1.4
