GEM
  remote: https://rubygems.org/
  specs:
    amq-protocol (1.9.2)
    bunny (1.1.3)
      amq-protocol (>= 1.9.2)
    coderay (1.1.0)
    ffi (1.9.3)
    hooks (0.4.0)
      uber (~> 0.0.4)
    method_source (0.8.2)
    pry (0.9.12.6)
      coderay (~> 1.0)
      method_source (~> 0.8)
      slop (~> 3.4)
    rake (10.1.1)
    rbind (0.0.24)
      ffi (>= 1.9.0)
      hooks (>= 0.3.1)
    ropencv (0.0.15)
      ffi (~> 1.9.0)
      rbind (>= 0.0.24)
    serverengine (1.5.7)
      sigdump (~> 0.2.2)
    sigdump (0.2.2)
    slop (3.5.0)
    sneakers (0.0.7)
      bunny (>= 0.10.0)
      serverengine
      thor
      thread
    thor (0.18.1)
    thread (0.1.3)
    uber (0.0.4)

PLATFORMS
  ruby

DEPENDENCIES
  pry
  rake
  ropencv
  sneakers
