GEM
  remote: https://rubygems.org/
  specs:
    coderay (1.1.0)
    connection_pool (2.2.2)
    ffi (1.9.3)
    hooks (0.4.0)
      uber (~> 0.0.4)
    method_source (0.8.2)
    pry (0.9.12.6)
      coderay (~> 1.0)
      method_source (~> 0.8)
      slop (~> 3.4)
    rack (2.0.9)
    rack-protection (2.0.8.1)
      rack
    rake (10.2.2)
    rbind (0.0.24)
      ffi (>= 1.9.0)
      hooks (>= 0.3.1)
    redis (4.1.3)
    ropencv (0.0.15)
      ffi (~> 1.9.0)
      rbind (>= 0.0.24)
    sidekiq (5.2.8)
      connection_pool (~> 2.2, >= 2.2.2)
      rack (< 2.1.0)
      rack-protection (>= 1.5.0)
      redis (>= 3.3.5, < 5)
    slop (3.5.0)
    uber (0.0.4)

PLATFORMS
  ruby

DEPENDENCIES
  pry
  rake
  ropencv
  sidekiq (>= 3.0.0)

BUNDLED WITH
   1.17.3
