GEM
  remote: https://rubygems.org/
  specs:
    celluloid (0.15.2)
      timers (~> 1.1.0)
    coderay (1.1.0)
    connection_pool (2.0.0)
    ffi (1.9.3)
    hooks (0.4.0)
      uber (~> 0.0.4)
    json (1.8.1)
    method_source (0.8.2)
    pry (0.9.12.6)
      coderay (~> 1.0)
      method_source (~> 0.8)
      slop (~> 3.4)
    rake (10.2.2)
    rbind (0.0.24)
      ffi (>= 1.9.0)
      hooks (>= 0.3.1)
    redis (3.0.7)
    redis-namespace (1.4.1)
      redis (~> 3.0.4)
    ropencv (0.0.15)
      ffi (~> 1.9.0)
      rbind (>= 0.0.24)
    sidekiq (3.0.0)
      celluloid (>= 0.15.2)
      connection_pool (>= 2.0.0)
      json
      redis (>= 3.0.6)
      redis-namespace (>= 1.3.1)
    slop (3.5.0)
    timers (1.1.0)
    uber (0.0.4)

PLATFORMS
  ruby

DEPENDENCIES
  pry
  rake
  ropencv
  sidekiq