GEM
  remote: https://rubygems.org/
  specs:
    coderay (1.1.0)
    concurrent-ruby (1.2.2)
    connection_pool (2.4.0)
    ffi (1.15.5)
    method_source (0.8.2)
    pry (0.9.12.6)
      coderay (~> 1.0)
      method_source (~> 0.8)
      slop (~> 3.4)
    rack (3.0.7)
    rake (13.0.6)
    rbind (0.0.35)
      ffi (~> 1.9, >= 1.9.0)
    redis-client (0.14.1)
      connection_pool
    ropencv (0.0.38)
      ffi (>= 1.9.0)
      rbind (>= 0.0.35)
    sidekiq (7.0.7)
      concurrent-ruby (< 2)
      connection_pool (>= 2.3.0)
      rack (>= 2.2.4)
      redis-client (>= 0.11.0)
    slop (3.5.0)

PLATFORMS
  ruby

DEPENDENCIES
  pry
  rake (>= 12.3.3)
  ropencv
  sidekiq (>= 6.2.1)

BUNDLED WITH
   2.1.4
